PATH
  remote: .
  specs:
    pusher-platform (0.11.1)
      excon (~> 0.62.0)
      jwt (~> 2.1)
      rack (~> 2.0.5)

GEM
  remote: https://rubygems.org/
  specs:
    excon (0.62.0)
    jwt (2.1.0)
    rack (2.0.5)

PLATFORMS
  ruby

DEPENDENCIES
  pusher-platform!

BUNDLED WITH
   1.16.2
