PATH
  remote: .
  specs:
    pusher-platform (0.10.0)
      excon (~> 0.62.0)
      jwt (~> 2.1)

GEM
  remote: https://rubygems.org/
  specs:
    excon (0.62.0)
    jwt (2.1.0)

PLATFORMS
  ruby

DEPENDENCIES
  pusher-platform!

BUNDLED WITH
   1.16.2
